PATH
  remote: .
  specs:
    kessel-sdk (1.0.0)
      grpc (~> 1.73.0)

GEM
  remote: https://rubygems.org/
  specs:
    activesupport (8.0.2)
      base64
      benchmark (>= 0.3)
      bigdecimal
      concurrent-ruby (~> 1.0, >= 1.3.1)
      connection_pool (>= 2.2.5)
      drb
      i18n (>= 1.6, < 2)
      logger (>= 1.4.2)
      minitest (>= 5.1)
      securerandom (>= 0.3)
      tzinfo (~> 2.0, >= 2.0.5)
      uri (>= 0.13.1)
    ast (2.4.3)
    base64 (0.3.0)
    benchmark (0.4.1)
    bigdecimal (3.2.2)
    bundle-audit (0.1.0)
      bundler-audit
    bundler-audit (0.9.2)
      bundler (>= 1.2.0, < 3)
      thor (~> 1.0)
    concurrent-ruby (1.3.5)
    connection_pool (2.5.3)
    csv (3.3.5)
    diff-lcs (1.6.2)
    docile (1.4.1)
    drb (2.2.3)
    ffi (1.17.2)
    ffi (1.17.2-aarch64-linux-gnu)
    ffi (1.17.2-aarch64-linux-musl)
    ffi (1.17.2-arm64-darwin)
    ffi (1.17.2-x86-linux-gnu)
    ffi (1.17.2-x86-linux-musl)
    ffi (1.17.2-x86_64-darwin)
    ffi (1.17.2-x86_64-linux-gnu)
    ffi (1.17.2-x86_64-linux-musl)
    fileutils (1.7.3)
    google-protobuf (4.31.1)
      bigdecimal
      rake (>= 13)
    google-protobuf (4.31.1-aarch64-linux-gnu)
      bigdecimal
      rake (>= 13)
    google-protobuf (4.31.1-aarch64-linux-musl)
      bigdecimal
      rake (>= 13)
    google-protobuf (4.31.1-arm64-darwin)
      bigdecimal
      rake (>= 13)
    google-protobuf (4.31.1-x86-linux-gnu)
      bigdecimal
      rake (>= 13)
    google-protobuf (4.31.1-x86-linux-musl)
      bigdecimal
      rake (>= 13)
    google-protobuf (4.31.1-x86_64-darwin)
      bigdecimal
      rake (>= 13)
    google-protobuf (4.31.1-x86_64-linux-gnu)
      bigdecimal
      rake (>= 13)
    google-protobuf (4.31.1-x86_64-linux-musl)
      bigdecimal
      rake (>= 13)
    googleapis-common-protos-types (1.20.0)
      google-protobuf (>= 3.18, < 5.a)
    grpc (1.73.0)
      google-protobuf (>= 3.25, < 5.0)
      googleapis-common-protos-types (~> 1.0)
    grpc (1.73.0-aarch64-linux)
      google-protobuf (>= 3.25, < 5.0)
      googleapis-common-protos-types (~> 1.0)
    grpc (1.73.0-arm64-darwin)
      google-protobuf (>= 3.25, < 5.0)
      googleapis-common-protos-types (~> 1.0)
    grpc (1.73.0-x86-linux)
      google-protobuf (>= 3.25, < 5.0)
      googleapis-common-protos-types (~> 1.0)
    grpc (1.73.0-x86_64-darwin)
      google-protobuf (>= 3.25, < 5.0)
      googleapis-common-protos-types (~> 1.0)
    grpc (1.73.0-x86_64-linux)
      google-protobuf (>= 3.25, < 5.0)
      googleapis-common-protos-types (~> 1.0)
    i18n (1.14.7)
      concurrent-ruby (~> 1.0)
    json (2.13.2)
    language_server-protocol (3.17.0.5)
    lint_roller (1.1.0)
    listen (3.9.0)
      rb-fsevent (~> 0.10, >= 0.10.3)
      rb-inotify (~> 0.9, >= 0.9.10)
    logger (1.7.0)
    minitest (5.25.5)
    mutex_m (0.3.0)
    parallel (1.27.0)
    parser (3.3.9.0)
      ast (~> 2.4.1)
      racc
    prism (1.4.0)
    racc (1.8.1)
    rack (3.2.0)
    rackup (2.2.1)
      rack (>= 3)
    rainbow (3.1.1)
    rake (13.3.0)
    rb-fsevent (0.11.2)
    rb-inotify (0.11.1)
      ffi (~> 1.0)
    rbs (3.9.4)
      logger
    redcarpet (3.6.1)
    regexp_parser (2.11.0)
    rspec (3.13.1)
      rspec-core (~> 3.13.0)
      rspec-expectations (~> 3.13.0)
      rspec-mocks (~> 3.13.0)
    rspec-core (3.13.5)
      rspec-support (~> 3.13.0)
    rspec-expectations (3.13.5)
      diff-lcs (>= 1.2.0, < 2.0)
      rspec-support (~> 3.13.0)
    rspec-mocks (3.13.5)
      diff-lcs (>= 1.2.0, < 2.0)
      rspec-support (~> 3.13.0)
    rspec-support (3.13.4)
    rubocop (1.79.2)
      json (~> 2.3)
      language_server-protocol (~> 3.17.0.2)
      lint_roller (~> 1.1.0)
      parallel (~> 1.10)
      parser (>= 3.3.0.2)
      rainbow (>= 2.2.2, < 4.0)
      regexp_parser (>= 2.9.3, < 3.0)
      rubocop-ast (>= 1.46.0, < 2.0)
      ruby-progressbar (~> 1.7)
      unicode-display_width (>= 2.4.0, < 4.0)
    rubocop-ast (1.46.0)
      parser (>= 3.3.7.2)
      prism (~> 1.4)
    ruby-progressbar (1.13.0)
    securerandom (0.4.1)
    simplecov (0.22.0)
      docile (~> 1.1)
      simplecov-html (~> 0.11)
      simplecov_json_formatter (~> 0.1)
    simplecov-html (0.13.2)
    simplecov_json_formatter (0.1.4)
    steep (1.10.0)
      activesupport (>= 5.1)
      concurrent-ruby (>= 1.1.10)
      csv (>= 3.0.9)
      fileutils (>= 1.1.0)
      json (>= 2.1.0)
      language_server-protocol (>= 3.17.0.4, < 4.0)
      listen (~> 3.0)
      logger (>= 1.3.0)
      mutex_m (>= 0.3.0)
      parser (>= 3.1)
      rainbow (>= 2.2.2, < 4.0)
      rbs (~> 3.9)
      securerandom (>= 0.1)
      strscan (>= 1.0.0)
      terminal-table (>= 2, < 5)
      uri (>= 0.12.0)
    strscan (3.1.5)
    terminal-table (4.0.0)
      unicode-display_width (>= 1.1.1, < 4)
    thor (1.4.0)
    typeprof (0.30.1)
      rbs (>= 3.6.0)
    tzinfo (2.0.6)
      concurrent-ruby (~> 1.0)
    unicode-display_width (3.1.4)
      unicode-emoji (~> 4.0, >= 4.0.4)
    unicode-emoji (4.0.4)
    uri (1.0.3)
    webrick (1.9.1)
    yard (0.9.37)

PLATFORMS
  aarch64-linux
  aarch64-linux-gnu
  aarch64-linux-musl
  arm64-darwin
  ruby
  x86-linux
  x86-linux-gnu
  x86-linux-musl
  x86_64-darwin
  x86_64-linux-gnu
  x86_64-linux-musl

DEPENDENCIES
  bundle-audit (~> 0.1)
  kessel-sdk!
  rack (~> 3.0)
  rackup (~> 2.1)
  redcarpet (~> 3.6)
  rspec (~> 3.12)
  rspec-expectations (~> 3.12)
  rspec-mocks (~> 3.12)
  rubocop (~> 1.57)
  simplecov (~> 0.22)
  steep (~> 1.10.0)
  typeprof (~> 0.30.1)
  webrick (~> 1.8)
  yard (~> 0.9)

RUBY VERSION
   ruby 3.3.8p144

BUNDLED WITH
   2.5.22
